GIT
  remote: git://github.com/k00ka/wit-ruby.git
  revision: 5132b5cddcd5107aeb77dea8fcc3bde2e8a5102e
  branch: rhn
  specs:
    wit (3.4.0)

GEM
  remote: https://rubygems.org/
  specs:
    byebug (9.0.5)
    coderay (1.1.1)
    facebook-messenger (1.4.1)
      httparty (~> 0.13, >= 0.13.7)
      rack (>= 1.4.5)
    httparty (0.17.3)
      mime-types (~> 3.0)
      multi_xml (>= 0.5.2)
    method_source (0.8.2)
    mime-types (3.3)
      mime-types-data (~> 3.2015)
    mime-types-data (3.2019.1009)
    multi_xml (0.6.0)
    pry (0.10.3)
      coderay (~> 1.1.0)
      method_source (~> 0.8.1)
      slop (~> 3.4)
    rack (2.0.8)
    slop (3.6.0)

PLATFORMS
  ruby

DEPENDENCIES
  byebug
  facebook-messenger (>= 0.7.0)
  pry
  wit!

BUNDLED WITH
   1.17.3
